GEM
  remote: https://rubygems.org/
  specs:
    anemone (0.7.2)
      nokogiri (>= 1.3.0)
      robotex (>= 1.0.0)
    json (1.8.0)
    mini_portile (0.5.1)
    nokogiri (1.6.0-x86-mingw32)
      mini_portile (~> 0.5.0)
    robotex (1.0.0)

PLATFORMS
  x86-mingw32

DEPENDENCIES
  anemone
  json
  nokogiri
