GEM
  remote: https://rubygems.org/
  specs:
    activesupport (4.1.1)
      i18n (~> 0.6, >= 0.6.9)
      json (~> 1.7, >= 1.7.7)
      minitest (~> 5.1)
      thread_safe (~> 0.1)
      tzinfo (~> 1.1)
    anemone (0.7.2)
      nokogiri (>= 1.3.0)
      robotex (>= 1.0.0)
    aws-sdk (1.44.0)
      json (~> 1.4)
      nokogiri (>= 1.4.4)
    configuration (1.3.4)
    i18n (0.6.9)
    json (1.8.1)
    mailjet (1.0.0)
      activesupport (>= 3.1.0)
      rack (>= 1.4.0)
      rest-client
    mime-types (2.3)
    mini_portile (0.6.0)
    minitest (5.3.5)
    nokogiri (1.6.2.1-x64-mingw32)
      mini_portile (= 0.6.0)
    parallel (1.0.0)
    rack (1.5.2)
    rest-client (1.6.7)
      mime-types (>= 1.16)
    robotex (1.0.0)
    thor (0.19.1)
    thread_safe (0.3.4)
    tzinfo (1.2.1)
      thread_safe (~> 0.1)

PLATFORMS
  x64-mingw32

DEPENDENCIES
  anemone
  aws-sdk
  configuration
  json
  mailjet
  nokogiri
  parallel
  rack
  thor
